GEM
  remote: https://rubygems.org/
  specs:
    colorize (0.5.8)
    gherkin-ruby (0.2.1)
    mustache (0.99.4)
    spinach (0.7.0)
      colorize
      gherkin-ruby (~> 0.2.0)

PLATFORMS
  ruby

DEPENDENCIES
  mustache
  spinach
